PATH
  remote: .
  specs:
    filemerger (0.4.5)
      colorize
      json
      thor
      xcodeproj

GEM
  remote: https://rubygems.org/
  specs:
    CFPropertyList (2.3.6)
    atomos (0.1.2)
    claide (1.0.2)
    colored2 (3.1.2)
    colorize (0.8.1)
    json (2.1.0)
    nanaimo (0.2.3)
    rake (10.5.0)
    thor (0.20.0)
    xcodeproj (1.5.6)
      CFPropertyList (~> 2.3.3)
      atomos (~> 0.1.2)
      claide (>= 1.0.2, < 2.0)
      colored2 (~> 3.1)
      nanaimo (~> 0.2.3)

PLATFORMS
  ruby

DEPENDENCIES
  bundler (~> 1.16)
  filemerger!
  rake (~> 10.0)

BUNDLED WITH
   1.16.1
