PATH
  remote: .
  specs:
    merger (0.1.0)
      colorize
      json
      thor

GEM
  remote: https://rubygems.org/
  specs:
    colorize (0.8.1)
    json (2.1.0)
    rake (10.5.0)
    thor (0.20.0)

PLATFORMS
  ruby

DEPENDENCIES
  bundler (~> 1.16)
  merger!
  rake (~> 10.0)

BUNDLED WITH
   1.16.1
